GEM
  remote: https://rubygems.org/
  specs:
    haml (4.0.5)
      tilt
    minitest (5.2.1)
    puma (2.6.0)
      rack (>= 1.1, < 2.0)
    rack (1.5.2)
    rack-protection (1.5.2)
      rack
    rack-test (0.6.2)
      rack (>= 1.0)
    rake (10.1.1)
    sass (3.2.12)
    sinatra (1.4.4)
      rack (~> 1.4)
      rack-protection (~> 1.4)
      tilt (~> 1.3, >= 1.3.4)
    sinatra-partial (0.4.0)
      sinatra
    tilt (1.4.1)

PLATFORMS
  ruby

DEPENDENCIES
  haml
  minitest (~> 5.2)
  puma
  rack-test (~> 0.6)
  rake (~> 10.0)
  sass
  sinatra (~> 1.4)
  sinatra-partial
